GEM
  remote: https://rubygems.org/
  specs:
    kgio (2.11.0)
    parallel (1.12.0)
    rack (2.0.3)
    raindrops (0.19.0)
    unicorn (5.3.0)
      kgio (~> 2.6)
      raindrops (~> 0.7)
    worker_scoreboard (0.0.4)

PLATFORMS
  ruby

DEPENDENCIES
  parallel
  rack
  unicorn
  worker_scoreboard

BUNDLED WITH
   1.14.6
